GEM
  remote: https://rubygems.org/
  specs:
    rack (2.0.6)
    roda (3.16.0)
      rack

PLATFORMS
  ruby

DEPENDENCIES
  roda

RUBY VERSION
   ruby 2.6.1p33

BUNDLED WITH
   1.17.2
